GEM
  remote: http://repos.fedorapeople.org/repos/katello/gems/
  remote: http://rubygems.org/
  specs:
    POpen4 (0.1.4)
      Platform (>= 0.4.0)
      open4
    Platform (0.4.0)
    abstract (1.0.0)
    actionmailer (3.0.5)
      actionpack (= 3.0.5)
      mail (~> 2.2.15)
    actionpack (3.0.5)
      activemodel (= 3.0.5)
      activesupport (= 3.0.5)
      builder (~> 2.1.2)
      erubis (~> 2.6.6)
      i18n (~> 0.4)
      multimap (>= 1.1.2)
      rack (>= 1.1.0)
      rack-mount (>= 0.6.13)
      rack-test (>= 0.5.4)
      regin (>= 0.3.7)
      tzinfo (~> 0.3.23)
    activemodel (3.0.5)
      activesupport (= 3.0.5)
      builder (~> 2.1.2)
      i18n (~> 0.4)
    activerecord (3.0.5)
      activemodel (= 3.0.5)
      activesupport (= 3.0.5)
      arel (~> 2.0.2)
      tzinfo (~> 0.3.23)
    activeresource (3.0.5)
      activemodel (= 3.0.5)
      activesupport (= 3.0.5)
    activesupport (3.0.5)
    arel (2.0.10)
    awesome_print (0.4.0)
    builder (2.1.2)
    columnize (0.3.4)
    compass (0.10.6)
      haml (>= 3.0.4)
    compass-960-plugin (0.10.0)
      compass (>= 0.10.0)
    crack (0.1.8)
    diff-lcs (1.1.2)
    erubis (2.6.6)
      abstract (>= 1.0.0)
    fast_gettext (0.5.11)
    gettext (2.1.0)
      locale (>= 2.0.5)
    gettext_i18n_rails (0.2.20)
      fast_gettext
    haml (3.1.2)
    haml-rails (0.3.4)
      actionpack (~> 3.0)
      activesupport (~> 3.0)
      haml (~> 3.0)
      railties (~> 3.0)
    httparty (0.7.8)
      crack (= 0.1.8)
    i18n (0.6.0)
    i18n_data (0.2.7)
      activesupport
    jammit (0.6.3)
      yui-compressor (>= 0.9.3)
    json (1.5.2)
    linecache (0.46)
      rbx-require-relative (> 0.0.4)
    locale (2.0.5)
    mail (2.2.19)
      activesupport (>= 2.3.6)
      i18n (>= 0.4.0)
      mime-types (~> 1.16)
      treetop (~> 1.4.8)
    mime-types (1.16)
    multimap (1.1.2)
    multipart (0.2.1)
    multipart-post (1.1.2)
    oauth (0.4.4)
    oauth-active-resource (0.4.6)
      activeresource
      multipart
      oauth (>= 0.3.6)
    open4 (1.0.1)
    polyglot (0.3.1)
    rack (1.3.0)
    rack-mount (0.8.1)
      rack (>= 1.0.0)
    rack-test (0.6.0)
      rack (>= 1.0)
    rails (3.0.5)
      actionmailer (= 3.0.5)
      actionpack (= 3.0.5)
      activerecord (= 3.0.5)
      activeresource (= 3.0.5)
      activesupport (= 3.0.5)
      bundler (~> 1.0)
      railties (= 3.0.5)
    rails_warden (0.5.5)
      warden (>= 1.0.0)
    railties (3.0.5)
      actionpack (= 3.0.5)
      activesupport (= 3.0.5)
      rake (>= 0.8.7)
      thor (~> 0.14.4)
    rake (0.9.2)
    rbx-require-relative (0.0.5)
    rcov (0.9.10)
    regin (0.3.8)
    rest-client (1.6.3)
      mime-types (>= 1.16)
    rspec (2.6.0)
      rspec-core (~> 2.6.0)
      rspec-expectations (~> 2.6.0)
      rspec-mocks (~> 2.6.0)
    rspec-core (2.6.4)
    rspec-expectations (2.6.0)
      diff-lcs (~> 1.1.2)
    rspec-mocks (2.6.0)
    rspec-rails (2.6.1)
      actionpack (~> 3.0)
      activesupport (~> 3.0)
      railties (~> 3.0)
      rspec (~> 2.6.0)
    ruby-debug (0.10.4)
      columnize (>= 0.1)
      ruby-debug-base (~> 0.10.4.0)
    ruby-debug-base (0.10.4)
      linecache (>= 0.3)
    ruby_parser (2.0.6)
      sexp_processor (~> 3.0)
    scoped_search (2.3.1)
      activerecord (>= 2.1.0)
    sexp_processor (3.0.5)
    simple-navigation (3.1.0)
      activesupport (>= 2.3.2)
    thor (0.14.6)
    treetop (1.4.9)
      polyglot (>= 0.3.1)
    tzinfo (0.3.28)
    warden (1.0.4)
      rack (>= 1.0)
    yui-compressor (0.9.6)
      POpen4 (>= 0.1.4)

PLATFORMS
  ruby

DEPENDENCIES
  awesome_print
  compass (>= 0.10.5)
  compass-960-plugin (>= 0.10.0)
  gettext (>= 1.9.3)
  gettext_i18n_rails
  haml (>= 3.0.16)
  haml-rails
  httparty
  i18n_data (>= 0.2.6)
  jammit
  json
  multipart-post
  oauth-active-resource
  rails (= 3.0.5)
  rails_warden
  rcov
  rest-client
  rspec-rails
  ruby-debug
  ruby_parser
  scoped_search (>= 2.3.1)
  simple-navigation (= 3.1.0)
